GIT
  remote: git://github.com/asalme/radix.git
  revision: e00382cb2ca78ad5f379f39aff317c8bd323e855
  branch: master
  specs:
    radix (2.2.0)

GEM
  remote: https://rubygems.org/
  specs:
    activesupport (4.1.6)
      i18n (~> 0.6, >= 0.6.9)
      json (~> 1.7, >= 1.7.7)
      minitest (~> 5.1)
      thread_safe (~> 0.1)
      tzinfo (~> 1.1)
    daemons (1.1.9)
    diff-lcs (1.2.5)
    docile (1.1.5)
    eventmachine (1.0.3)
    faker (1.4.3)
      i18n (~> 0.5)
    fuubar (2.0.0)
      rspec (~> 3.0)
      ruby-progressbar (~> 1.4)
    http_parser.rb (0.6.0.beta.2)
    i18n (0.6.11)
    json (1.8.1)
    logstash-event (1.2.02)
    logstash-logger (0.7.0)
      logstash-event (~> 1.2)
      stud
    memoist (0.11.0)
    mime-types (1.25.1)
    mini_portile (0.6.0)
    minitest (5.4.2)
    multi_json (1.10.1)
    nokogiri (1.6.3.1)
      mini_portile (= 0.6.0)
    rack (1.5.2)
    rack-tctp (0.9.14)
      radix (~> 2.2.0)
      rest-client (~> 1.6.7)
    rdoc (4.1.2)
      json (~> 1.4)
    rest-client (1.6.8)
      mime-types (~> 1.16)
      rdoc (>= 2.4.2)
    rspec (3.1.0)
      rspec-core (~> 3.1.0)
      rspec-expectations (~> 3.1.0)
      rspec-mocks (~> 3.1.0)
    rspec-core (3.1.7)
      rspec-support (~> 3.1.0)
    rspec-expectations (3.1.2)
      diff-lcs (>= 1.2.0, < 2.0)
      rspec-support (~> 3.1.0)
    rspec-mocks (3.1.3)
      rspec-support (~> 3.1.0)
    rspec-prof (0.0.5)
      rspec
      ruby-prof
    rspec-support (3.1.2)
    ruby-prof (0.15.1)
    ruby-progressbar (1.6.0)
    simplecov (0.9.1)
      docile (~> 1.1.0)
      multi_json (~> 1.0)
      simplecov-html (~> 0.8.0)
    simplecov-html (0.8.0)
    slop (3.6.0)
    stud (0.0.18)
    thin (1.6.3)
      daemons (~> 1.0, >= 1.0.9)
      eventmachine (~> 1.0)
      rack (~> 1.0)
    thread_safe (0.3.4)
    tzinfo (1.2.2)
      thread_safe (~> 0.1)

PLATFORMS
  ruby

DEPENDENCIES
  activesupport
  eventmachine (~> 1.0.3)
  faker
  fuubar
  http_parser.rb (= 0.6.0.beta.2)
  logstash-logger
  memoist
  minitest
  nokogiri
  rack-tctp
  radix!
  rspec
  rspec-prof
  ruby-prof
  simplecov
  slop
  thin
