GIT
  remote: git://github.com/asalme/radix.git
  revision: e00382cb2ca78ad5f379f39aff317c8bd323e855
  branch: master
  specs:
    radix (2.2.0)

GEM
  remote: https://rubygems.org/
  specs:
    activesupport (4.2.6)
      i18n (~> 0.7)
      json (~> 1.7, >= 1.7.7)
      minitest (~> 5.1)
      thread_safe (~> 0.3, >= 0.3.4)
      tzinfo (~> 1.1)
    daemons (1.2.3)
    diff-lcs (1.2.5)
    docile (1.1.5)
    eventmachine (1.2.0.1)
    faker (1.6.3)
      i18n (~> 0.5)
    fuubar (2.0.0)
      rspec (~> 3.0)
      ruby-progressbar (~> 1.4)
    http_parser.rb (0.6.0.beta.2)
    i18n (0.7.0)
    json (1.8.3)
    logstash-event (1.2.02)
    logstash-logger (0.15.2)
      logstash-event (~> 1.2)
      stud
    memoist (0.14.0)
    mime-types (1.25.1)
    mini_portile2 (2.0.0)
    minitest (5.9.0)
    nokogiri (1.6.7.2)
      mini_portile2 (~> 2.0.0.rc2)
    rack (1.6.4)
    rack-tctp (0.9.14)
      radix (~> 2.2.0)
      rest-client (~> 1.6.7)
    rest-client (1.6.9)
      mime-types (~> 1.16)
    rspec (3.4.0)
      rspec-core (~> 3.4.0)
      rspec-expectations (~> 3.4.0)
      rspec-mocks (~> 3.4.0)
    rspec-core (3.4.4)
      rspec-support (~> 3.4.0)
    rspec-expectations (3.4.0)
      diff-lcs (>= 1.2.0, < 2.0)
      rspec-support (~> 3.4.0)
    rspec-mocks (3.4.1)
      diff-lcs (>= 1.2.0, < 2.0)
      rspec-support (~> 3.4.0)
    rspec-prof (0.0.5)
      rspec
      ruby-prof
    rspec-support (3.4.1)
    ruby-prof (0.15.9)
    ruby-progressbar (1.8.1)
    simplecov (0.11.2)
      docile (~> 1.1.0)
      json (~> 1.8)
      simplecov-html (~> 0.10.0)
    simplecov-html (0.10.0)
    slop (3.6.0)
    stud (0.0.22)
    thin (1.6.4)
      daemons (~> 1.0, >= 1.0.9)
      eventmachine (~> 1.0, >= 1.0.4)
      rack (~> 1.0)
    thread_safe (0.3.5)
    tzinfo (1.2.2)
      thread_safe (~> 0.1)

PLATFORMS
  ruby

DEPENDENCIES
  activesupport
  daemons
  eventmachine (~> 1.2.0)
  faker
  fuubar
  http_parser.rb (= 0.6.0.beta.2)
  json (~> 1.8.3)
  logstash-logger
  memoist
  minitest
  nokogiri
  rack-tctp
  radix!
  rspec
  rspec-prof
  ruby-prof
  simplecov
  slop (~> 3.6.0)
  thin

BUNDLED WITH
   1.12.4
