GEM
  remote: https://rubygems.org/
  specs:
    eventmachine (1.0.3-x86-mingw32)
    http_parser.rb (0.6.0.beta.2)
    ruby-prof (0.13.0)
    slop (3.4.5)

PLATFORMS
  x86-mingw32

DEPENDENCIES
  eventmachine
  http_parser.rb (= 0.6.0.beta.2)
  ruby-prof
  slop
